PATH
  remote: .
  specs:
    pocket_rocket (0.0.1)
      activesupport
      couchbase
      couchbase-model
      formatador (~> 0)
      interpolate (~> 0)
      nokogiri
      thor (~> 0)

GEM
  remote: https://rubygems.org/
  specs:
    activesupport (4.2.4)
      i18n (~> 0.7)
      json (~> 1.7, >= 1.7.7)
      minitest (~> 5.1)
      thread_safe (~> 0.3, >= 0.3.4)
      tzinfo (~> 1.1)
    connection_pool (2.2.0)
    couchbase (1.3.8)
      connection_pool (>= 1.0.0, <= 3.0.0)
      multi_json (~> 1.0)
      yaji (~> 0.3, >= 0.3.2)
    couchbase-model (0.5.3)
      couchbase (~> 1.3.0)
    docile (1.1.5)
    formatador (0.2.5)
    i18n (0.7.0)
    interpolate (0.3.0)
    json (1.8.3)
    mini_portile (0.6.2)
    minitest (5.8.2)
    multi_json (1.11.2)
    nokogiri (1.6.6.2)
      mini_portile (~> 0.6.0)
    rake (10.3.2)
    simplecov (0.10.0)
      docile (~> 1.1.0)
      json (~> 1.8)
      simplecov-html (~> 0.10.0)
    simplecov-html (0.10.0)
    thor (0.19.1)
    thread_safe (0.3.5)
    tzinfo (1.2.2)
      thread_safe (~> 0.1)
    yaji (0.3.5)

PLATFORMS
  ruby

DEPENDENCIES
  bundler (~> 1.5)
  pocket_rocket!
  rake
  simplecov
