PATH
  remote: .
  specs:
    pocket_rocket (0.0.1)
      formatador (~> 0)
      interpolate (~> 0)
      statsample-timeseries (~> 0)
      thor (~> 0)

GEM
  remote: https://rubygems.org/
  specs:
    awesome_print (1.6.1)
    clbustos-rtf (0.4.2)
    daru (0.1.1)
      reportbuilder (~> 1.4)
      spreadsheet (~> 1.0.3)
    dirty-memoize (0.0.4)
    distribution (0.7.3)
    extendmatrix (0.4)
    formatador (0.2.5)
    interpolate (0.3.0)
    minimization (0.2.3)
      text-table (~> 1.2)
    prawn (0.8.4)
      prawn-core (>= 0.8.4, < 0.9)
      prawn-core (>= 0.8.4, < 0.9)
      prawn-layout (>= 0.8.4, < 0.9)
      prawn-layout (>= 0.8.4, < 0.9)
      prawn-security (>= 0.8.4, < 0.9)
      prawn-security (>= 0.8.4, < 0.9)
    prawn-core (0.8.4)
    prawn-layout (0.8.4)
    prawn-security (0.8.4)
    prawn-svg (0.9.1.11)
      prawn (>= 0.8.4)
    rake (10.3.2)
    reportbuilder (1.4.2)
      clbustos-rtf (~> 0.4.0)
      prawn (~> 0.8.4)
      prawn-svg (~> 0.9.1)
      text-table (~> 1.2)
    rserve-client (0.3.1)
    ruby-ole (1.2.11.8)
    rubyvis (0.6.1)
    spreadsheet (1.0.8)
      ruby-ole (>= 1.0)
    statsample (2.0.1)
      awesome_print (~> 1.6)
      daru (~> 0.1)
      dirty-memoize (~> 0.0.4)
      distribution (~> 0.7)
      extendmatrix (~> 0.4)
      minimization (~> 0.2)
      reportbuilder (~> 1.4)
      rserve-client (~> 0.3)
      rubyvis (~> 0.6.1)
      spreadsheet (~> 1.0.3)
    statsample-timeseries (0.3.0)
      daru (~> 0.1)
      statsample (~> 2.0)
    text-table (1.2.4)
    thor (0.19.1)

PLATFORMS
  ruby

DEPENDENCIES
  bundler (~> 1.5)
  pocket_rocket!
  rake
